GEM
  remote: https://rubygems.org/
  specs:
    rake (13.0.3)
    ruby2d (0.9.4)

PLATFORMS
  x86_64-linux

DEPENDENCIES
  rake (~> 13.0)
  ruby2d (~> 0.9.4)

RUBY VERSION
   ruby 3.0.0p0

BUNDLED WITH
   2.2.3
